GEM
  remote: http://rubygems.org/
  specs:
    csv (3.2.6)
    mustermann (3.0.0)
      ruby2_keywords (~> 0.0.1)
    rack (2.2.7)
    rack-protection (3.0.6)
      rack
    ruby2_keywords (0.0.5)
    shotgun (0.9.2)
      rack (>= 1.0)
    sinatra (3.0.6)
      mustermann (~> 3.0)
      rack (~> 2.2, >= 2.2.4)
      rack-protection (= 3.0.6)
      tilt (~> 2.0)
    tilt (2.1.0)

PLATFORMS
  ruby
  x86_64-linux

DEPENDENCIES
  csv (~> 3.2)
  shotgun (~> 0.9.2)
  sinatra

RUBY VERSION
   ruby 2.7.4p191

BUNDLED WITH
   2.4.12
